GEM
  remote: http://rubygems.org/
  specs:
    coderay (1.1.0)
    method_source (0.8.2)
    minitest (5.4.0)
    pry (0.10.1)
      coderay (~> 1.1.0)
      method_source (~> 0.8.1)
      slop (~> 3.4)
    rake (10.3.2)
    slop (3.6.0)

PLATFORMS
  ruby

DEPENDENCIES
  minitest (~> 5.0)
  pry
  rake

BUNDLED WITH
   1.10.6
